GIT
  remote: git://github.com/hslogix/gbarcode.git
  revision: 77fc8f098d9a67e3ffd53efc176f65b440d0b352
  branch: ruby1.9
  specs:
    gbarcode (0.98)

GEM
  remote: http://rubygems.org/
  specs:
    cocaine (0.4.2)
    columnize (0.3.6)
    daemons (1.1.9)
    debugger (1.2.2)
      columnize (>= 0.3.1)
      debugger-linecache (~> 1.1.1)
      debugger-ruby_core_source (~> 1.1.5)
    debugger-linecache (1.1.2)
      debugger-ruby_core_source (>= 1.1.1)
    debugger-ruby_core_source (1.1.5)
    eventmachine (1.0.0)
    rack (1.4.1)
    rack-protection (1.2.0)
      rack
    sinatra (1.3.3)
      rack (~> 1.3, >= 1.3.6)
      rack-protection (~> 1.2)
      tilt (~> 1.3, >= 1.3.3)
    thin (1.5.0)
      daemons (>= 1.0.9)
      eventmachine (>= 0.12.6)
      rack (>= 1.0.0)
    tilt (1.3.3)

PLATFORMS
  ruby

DEPENDENCIES
  cocaine
  debugger
  gbarcode (= 0.98)!
  rack
  sinatra
  thin
